GEM
  remote: https://rubygems.org/
  specs:
    allocation_stats (0.1.5)

PLATFORMS
  ruby

DEPENDENCIES
  allocation_stats

BUNDLED WITH
   2.0.1
